GEM
  remote: https://rubygems.org/
  specs:
    ffi (1.16.3)

PLATFORMS
  arm64-darwin-23
  ruby

DEPENDENCIES
  ffi

BUNDLED WITH
   2.5.3
